GEM
  remote: https://rubygems.org/
  specs:
    gosu (0.11.2)

PLATFORMS
  ruby

DEPENDENCIES
  gosu

BUNDLED WITH
   1.13.0
